PATH
  remote: .
  specs:
    fuubar (2.2.0)
      redis (~> 3.2.2)
      rspec-core (~> 3.0)
      ruby-progressbar (~> 1.4)

GEM
  remote: http://rubygems.org/
  specs:
    awesome_print (1.7.0)
    chamber (2.8.0)
      hashie (~> 3.3)
      thor (~> 0.19.1)
    diff-lcs (1.2.5)
    hashie (3.4.0)
    redis (3.2.2)
    rspec (3.5.0)
      rspec-core (~> 3.5.0)
      rspec-expectations (~> 3.5.0)
      rspec-mocks (~> 3.5.0)
    rspec-core (3.5.4)
      rspec-support (~> 3.5.0)
    rspec-expectations (3.5.0)
      diff-lcs (>= 1.2.0, < 2.0)
      rspec-support (~> 3.5.0)
    rspec-mocks (3.5.0)
      diff-lcs (>= 1.2.0, < 2.0)
      rspec-support (~> 3.5.0)
    rspec-support (3.5.0)
    ruby-progressbar (1.8.1)
    thor (0.19.1)

PLATFORMS
  ruby

DEPENDENCIES
  awesome_print (~> 1.7)
  chamber (~> 2.3)
  fuubar!
  rspec (~> 3.0)

BUNDLED WITH
   1.14.6
